GEM
  remote: https://rubygems.org/
  specs:
    kramdown (2.4.0)
      rexml
    rexml (3.2.5)
    rouge (4.1.0)

PLATFORMS
  x64-mingw-ucrt

DEPENDENCIES
  kramdown
  rouge

BUNDLED WITH
   2.4.8
